GEM
  remote: https://rubygems.org/

PLATFORMS
  x64-mingw32

BUNDLED WITH
   1.16.2
